PATH
  remote: .
  specs:
    gnip_api (1.2.2)
      addressable
      httparty
      yajl-ruby

GEM
  remote: https://rubygems.org/
  specs:
    addressable (2.4.0)
    awesome_print (1.2.0)
    byebug (9.0.6)
    coderay (1.1.0)
    diff-lcs (1.2.5)
    ffi (1.9.18)
    haml (5.0.3)
      temple (>= 0.8.0)
      tilt
    hanna-nouveau (1.0.2)
      haml (>= 4)
      rdoc (>= 4.0)
      sass
    httparty (0.14.0)
      multi_xml (>= 0.5.2)
    method_source (0.8.2)
    multi_xml (0.5.5)
    pry (0.10.1)
      coderay (~> 1.1.0)
      method_source (~> 0.8.1)
      slop (~> 3.4)
    rake (10.4.2)
    rb-fsevent (0.10.2)
    rb-inotify (0.9.10)
      ffi (>= 0.5.0, < 2)
    rdoc (5.1.0)
    rspec (3.0.0)
      rspec-core (~> 3.0.0)
      rspec-expectations (~> 3.0.0)
      rspec-mocks (~> 3.0.0)
    rspec-core (3.0.3)
      rspec-support (~> 3.0.0)
    rspec-expectations (3.0.3)
      diff-lcs (>= 1.2.0, < 2.0)
      rspec-support (~> 3.0.0)
    rspec-mocks (3.0.3)
      rspec-support (~> 3.0.0)
    rspec-support (3.0.3)
    sass (3.5.1)
      sass-listen (~> 4.0.0)
    sass-listen (4.0.0)
      rb-fsevent (~> 0.9, >= 0.9.4)
      rb-inotify (~> 0.9, >= 0.9.7)
    slop (3.6.0)
    temple (0.8.0)
    tilt (2.0.8)
    timecop (0.7.1)
    yajl-ruby (1.2.1)

PLATFORMS
  ruby

DEPENDENCIES
  awesome_print
  bundler (~> 1.6)
  byebug
  gnip_api!
  hanna-nouveau
  pry
  rake (~> 10.0)
  rdoc
  rspec
  timecop

BUNDLED WITH
   1.15.4
